GIT
  remote: git://github.com/chgu82837/em-twitter.git
  revision: cd68d51d389d4924737e67ddbe64887d73b1b8ef
  specs:
    em-twitter (0.3.5)
      buftok (~> 0.2)
      eventmachine (~> 1.0.4)
      http_parser.rb (~> 0.6)
      simple_oauth (~> 0.2)

GIT
  remote: git://github.com/igrigorik/em-websocket.git
  revision: b8142915b09d84e79b06548a1468e42bf64439b3
  specs:
    em-websocket (0.5.1)
      eventmachine (>= 0.12.9)
      http_parser.rb (~> 0.6.0)

GEM
  remote: https://rubygems.org/
  specs:
    babel-source (5.8.19)
    babel-transpiler (0.7.0)
      babel-source (>= 4.0, < 6)
      execjs (~> 2.0)
    buftok (0.2.0)
    eventmachine (1.0.7)
    execjs (2.5.2)
    http_parser.rb (0.6.0)
    settingslogic (2.0.9)
    simple_oauth (0.3.1)

PLATFORMS
  ruby

DEPENDENCIES
  babel-transpiler
  em-twitter!
  em-websocket!
  settingslogic

BUNDLED WITH
   1.10.6
