GIT
  remote: git://github.com/igrigorik/em-websocket.git
  revision: d6758b550e8bf3a9d930e04fad0f933526929021
  specs:
    em-websocket (0.5.0)
      eventmachine (>= 0.12.9)
      http_parser.rb (~> 0.6.0)

GIT
  remote: git://github.com/tweetstream/em-twitter.git
  revision: 5fcc3a06175c2526f5843fade64ba6244c47afc9
  specs:
    em-twitter (0.3.3)
      buftok (~> 0.2)
      eventmachine (~> 1.0)
      http_parser.rb (~> 0.6)
      simple_oauth (~> 0.2)

GEM
  remote: https://rubygems.org/
  specs:
    buftok (0.2.0)
    capistrano (3.1.0)
      i18n
      rake (>= 10.0.0)
      sshkit (~> 1.3)
    capistrano-bundler (1.1.2)
      capistrano (~> 3.0)
      sshkit (~> 1.2)
    eventmachine (1.0.3)
    http_parser.rb (0.6.0)
    i18n (0.6.9)
    net-scp (1.1.2)
      net-ssh (>= 2.6.5)
    net-ssh (2.8.0)
    rake (10.1.1)
    redis (3.0.7)
    settingslogic (2.0.9)
    simple_oauth (0.2.0)
    sshkit (1.3.0)
      net-scp (>= 1.1.2)
      net-ssh
      term-ansicolor
    term-ansicolor (1.3.0)
      tins (~> 1.0)
    tins (1.0.0)

PLATFORMS
  ruby

DEPENDENCIES
  capistrano
  capistrano-bundler
  em-twitter!
  em-websocket!
  redis
  settingslogic
