GEM
  remote: https://rubygems.org/
  specs:
    em-twitter (0.2.2)
      eventmachine (~> 1.0)
      http_parser.rb (~> 0.5)
      simple_oauth (~> 0.1)
    em-websocket (0.5.0)
      eventmachine (>= 0.12.9)
      http_parser.rb (~> 0.5.3)
    eventmachine (1.0.3)
    http_parser.rb (0.5.3)
    redis (3.0.7)
    settingslogic (2.0.9)
    simple_oauth (0.2.0)

PLATFORMS
  ruby

DEPENDENCIES
  em-twitter
  em-websocket (= 0.5.0)
  redis
  settingslogic
